GEM
  remote: http://rubygems.org/
  specs:
    diff-lcs (1.1.3)
    fuubar (0.0.6)
      rspec (~> 2.0)
      rspec-instafail (~> 0.1.8)
      ruby-progressbar (~> 0.0.10)
    mkrf (0.2.3)
    rake (0.8.7)
    rmagick (2.13.1)
    rspec (2.8.0)
      rspec-core (~> 2.8.0)
      rspec-expectations (~> 2.8.0)
      rspec-mocks (~> 2.8.0)
    rspec-core (2.8.0)
    rspec-expectations (2.8.0)
      diff-lcs (~> 1.1.2)
    rspec-instafail (0.1.9)
    rspec-mocks (2.8.0)
    ruby-opengl2 (0.60.3)
    ruby-progressbar (0.0.10)

PLATFORMS
  ruby

DEPENDENCIES
<<<<<<< HEAD
  fuubar
  mkrf
  rake
  rmagick
  rspec
  ruby-opengl2
